GEM
  remote: https://rubygems.org/
  specs:
    ffi (1.15.5)
    listen (3.8.0)
      rb-fsevent (~> 0.10, >= 0.10.3)
      rb-inotify (~> 0.9, >= 0.9.10)
    minitest (5.17.0)
    rb-fsevent (0.11.2)
    rb-inotify (0.10.1)
      ffi (~> 1.0)
    rerun (0.14.0)
      listen (~> 3.0)

PLATFORMS
  arm64-darwin-21

DEPENDENCIES
  minitest (~> 5.17)
  rerun (~> 0.14.0)

BUNDLED WITH
   2.4.6
